GEM
  remote: http://rubygems.org/
  specs:
    albacore (2.3.16)
      map (~> 6.5)
      nokogiri (~> 1.5)
      rake (~> 10)
      semver2 (~> 3.4)
    map (6.5.5)
    mini_portile (0.6.2)
    nokogiri (1.6.6.2)
      mini_portile (~> 0.6.0)
    nokogiri (1.6.6.2-x64-mingw32)
      mini_portile (~> 0.6.0)
    rake (10.4.2)
    rubyzip (0.9.9)
    semver2 (3.4.1)

PLATFORMS
  ruby
  x64-mingw32

DEPENDENCIES
  albacore
  rake
  rubyzip (~> 0.9.9)
